GEM
  remote: https://rubygems.org/
  specs:
    csv (3.2.7)
    httparty (0.21.0)
      mini_mime (>= 1.0.0)
      multi_xml (>= 0.5.2)
    mini_mime (1.1.5)
    multi_xml (0.6.0)
    nokogiri (1.16.2-arm64-darwin)
      racc (~> 1.4)
    nokogiri (1.16.2-x86_64-linux)
      racc (~> 1.4)
    racc (1.7.3)

PLATFORMS
  arm64-darwin-23
  x86_64-linux

DEPENDENCIES
  csv
  httparty
  nokogiri

BUNDLED WITH
   2.4.20
